GEM
  remote: http://rubygems.org/
  specs:
    activemodel (3.0.5)
      activesupport (= 3.0.5)
      builder (~> 2.1.2)
      i18n (~> 0.4)
    activerecord (3.0.5)
      activemodel (= 3.0.5)
      activesupport (= 3.0.5)
      arel (~> 2.0.2)
      tzinfo (~> 0.3.23)
    activerecord-jdbc-adapter (1.1.1)
    activesupport (3.0.5)
    arel (2.0.9)
    bouncy-castle-java (1.5.0147)
    builder (2.1.2)
    i18n (0.6.0)
    jruby-openssl (0.8.4)
      bouncy-castle-java (>= 1.5.0147)
    json (1.6.1)
    json (1.6.1-java)
    mime-types (1.18)
    rack (1.2.1)
    rest-client (1.6.7)
      mime-types (>= 1.16)
    sinatra (1.1.2)
      rack (~> 1.1)
      tilt (~> 1.2)
    tilt (1.2.1)
    tzinfo (0.3.30)

PLATFORMS
  java
  ruby

DEPENDENCIES
  activerecord (= 3.0.5)
  activerecord-jdbc-adapter (= 1.1.1)
  activesupport (= 3.0.5)
  arel (= 2.0.9)
  jruby-openssl
  json
  rest-client
  sinatra
